GEM
  remote: https://rubygems.org/
  specs:
    brakeman (7.0.0)
      racc
    diff-lcs (1.6.0)
    interactor (3.1.2)
    racc (1.8.1)
    rspec (3.13.0)
      rspec-core (~> 3.13.0)
      rspec-expectations (~> 3.13.0)
      rspec-mocks (~> 3.13.0)
    rspec-core (3.13.3)
      rspec-support (~> 3.13.0)
    rspec-expectations (3.13.3)
      diff-lcs (>= 1.2.0, < 2.0)
      rspec-support (~> 3.13.0)
    rspec-mocks (3.13.2)
      diff-lcs (>= 1.2.0, < 2.0)
      rspec-support (~> 3.13.0)
    rspec-support (3.13.2)

PLATFORMS
  ruby
  x86_64-linux

DEPENDENCIES
  brakeman
  interactor (~> 3.0)
  rspec (~> 3.13)

RUBY VERSION
   ruby 3.4.2p28

BUNDLED WITH
   2.6.6
